PATH
  remote: .
  specs:
    md2indesign (0.0.2)
      kramdown (>= 2.3.0)
      kramdown-parser-gfm (= 1.1.0)
      rouge (= 3.12.0)

GEM
  remote: https://rubygems.org/
  specs:
    kramdown (2.3.0)
      rexml
    kramdown-parser-gfm (1.1.0)
      kramdown (~> 2.0)
    minitest (5.14.2)
    rake (13.0.1)
    rexml (3.2.4)
    rouge (3.12.0)

PLATFORMS
  ruby

DEPENDENCIES
  bundler (~> 2.0)
  md2indesign!
  minitest (~> 5.0)
  rake (~> 13.0)

BUNDLED WITH
   2.1.2
