PATH
  remote: .
  specs:
    md2indesign (0.0.0)
      kramdown (= 2.1.0)
      kramdown-parser-gfm (= 1.1.0)
      rouge (= 3.12.0)

GEM
  remote: https://rubygems.org/
  specs:
    kramdown (2.1.0)
    kramdown-parser-gfm (1.1.0)
      kramdown (~> 2.0)
    minitest (5.13.0)
    rake (13.0.1)
    rouge (3.12.0)

PLATFORMS
  ruby

DEPENDENCIES
  bundler (~> 2.0)
  md2indesign!
  minitest (~> 5.0)
  rake (~> 13.0)

BUNDLED WITH
   2.0.2
